GEM
  remote: https://rubygems.org/
  specs:
    activesupport (4.2.4)
      i18n (~> 0.7)
      json (~> 1.7, >= 1.7.7)
      minitest (~> 5.1)
      thread_safe (~> 0.3, >= 0.3.4)
      tzinfo (~> 1.1)
    addressable (2.3.8)
    clockwork (1.2.0)
      activesupport
      tzinfo
    coderay (1.1.0)
    dotenv (2.0.2)
    i18n (0.7.0)
    json (1.8.3)
    keen (0.9.3)
      addressable (~> 2.3.5)
      multi_json (~> 1.3)
    method_source (0.8.2)
    minitest (5.8.2)
    multi_json (1.11.2)
    pry (0.10.3)
      coderay (~> 1.1.0)
      method_source (~> 0.8.1)
      slop (~> 3.4)
    pushpop (0.4.0)
      clockwork
      dotenv
      sinatra
      thor
    pushpop-keen (0.3)
      keen
      pushpop
    pushpop-slack (0.2.3)
      pushpop
      slack-notifier
    rack (1.6.4)
    rack-protection (1.5.3)
      rack
    sinatra (1.4.6)
      rack (~> 1.4)
      rack-protection (~> 1.4)
      tilt (>= 1.3, < 3)
    slack-notifier (1.4.0)
    slop (3.6.0)
    thor (0.19.1)
    thread_safe (0.3.5)
    tilt (2.0.1)
    tzinfo (1.2.2)
      thread_safe (~> 0.1)

PLATFORMS
  ruby

DEPENDENCIES
  pry
  pushpop
  pushpop-keen
  pushpop-slack

BUNDLED WITH
   1.10.6
